NUGET
  remote: https://nuget.org/api/v2
  specs:
    FAKE (3.36.0)
    FParsec (1.0.1) - framework: >= net45
    FSharp.Core (3.1.2.5) - framework: >= net45
    NUnit (2.6.4) - framework: >= net45
    NUnit.Runners (2.6.4)
